PATH
  remote: .
  specs:
    cuda-gaussian1d (0.0.1)

GEM
  remote: https://rubygems.org/
  specs:

PLATFORMS
  x86_64-linux

DEPENDENCIES
  cuda-gaussian1d!

BUNDLED WITH
   2.2.22
