PATH
  remote: .
  specs:
    cuda-gaussian1d (0.1.0)

GEM
  remote: https://rubygems.org/
  specs:
    numo-narray (0.9.2.0)

PLATFORMS
  x86_64-linux

DEPENDENCIES
  cuda-gaussian1d!
  numo-narray

BUNDLED WITH
   2.2.22
